GIT
  remote: https://github.com/fast-jsonapi/fast_jsonapi
  revision: 18196294081e34cc065b67013a64dd524ff2c310
  specs:
    fast_jsonapi (1.7.2)
      activesupport (>= 4.2)

GEM
  remote: https://rubygems.org/
  specs:
    activesupport (6.0.3.1)
      concurrent-ruby (~> 1.0, >= 1.0.2)
      i18n (>= 0.7, < 2)
      minitest (~> 5.1)
      tzinfo (~> 1.1)
      zeitwerk (~> 2.2, >= 2.2.2)
    addressable (2.7.0)
      public_suffix (>= 2.0.2, < 5.0)
    byebug (11.1.3)
    capybara (3.32.2)
      addressable
      mini_mime (>= 0.1.3)
      nokogiri (~> 1.8)
      rack (>= 1.6.0)
      rack-test (>= 0.6.3)
      regexp_parser (~> 1.5)
      xpath (~> 3.2)
    concurrent-ruby (1.1.6)
    dry-initializer (3.0.3)
    i18n (1.8.2)
      concurrent-ruby (~> 1.0)
    mini_mime (1.0.2)
    mini_portile2 (2.4.0)
    minitest (5.14.1)
    minitest-global_expectations (1.0.1)
      minitest (> 5)
    minitest-hooks (1.5.0)
      minitest (> 5.3)
    nokogiri (1.10.9)
      mini_portile2 (~> 2.4.0)
    pg (1.2.3)
    public_suffix (4.0.5)
    rack (2.2.2)
    rack-test (1.1.0)
      rack (>= 1.0, < 3)
    rack-unreloader (1.7.0)
    refrigerator (1.2.0)
    regexp_parser (1.7.0)
    roda (3.32.0)
      rack
    sequel (5.32.0)
    sequel-annotate (1.5.0)
      sequel (>= 4)
    sequel_pg (1.13.0)
      pg (>= 0.18.0, != 1.2.0)
      sequel (>= 4.38.0)
    thread_safe (0.3.6)
    tzinfo (1.2.7)
      thread_safe (~> 0.1)
    xpath (3.2.0)
      nokogiri (~> 1.8)
    zeitwerk (2.3.0)

PLATFORMS
  ruby

DEPENDENCIES
  byebug
  capybara
  dry-initializer
  fast_jsonapi (~> 1.7.2)!
  minitest (>= 5.7.0)
  minitest-global_expectations
  minitest-hooks (>= 1.1.0)
  rack-unreloader
  refrigerator (>= 1)
  roda (>= 3.19)
  sequel (>= 5)
  sequel-annotate
  sequel_pg (>= 1.8)

BUNDLED WITH
   1.17.2
