GEM
  remote: https://rubygems.org/
  specs:
    byebug (11.1.3)
    dry-initializer (3.0.3)
    pg (1.2.3)
    rack (3.0.7)
    rack-unreloader (1.7.0)
    refrigerator (1.2.0)
    roda (3.32.0)
      rack
    sequel (5.32.0)
    sequel-annotate (1.5.0)
      sequel (>= 4)
    sequel_pg (1.13.0)
      pg (>= 0.18.0, != 1.2.0)
      sequel (>= 4.38.0)

PLATFORMS
  ruby

DEPENDENCIES
  byebug
  dry-initializer
  rack-unreloader
  refrigerator (>= 1)
  roda (>= 3.19)
  sequel (>= 5)
  sequel-annotate
  sequel_pg (>= 1.8)

BUNDLED WITH
   1.17.2
